GEM
  remote: http://rubygems.org/
  specs:
    RedCloth (4.2.3)
    actionmailer (2.3.3)
      actionpack (= 2.3.3)
    actionpack (2.3.3)
      activesupport (= 2.3.3)
      rack (~> 1.0.0)
    activerecord (2.3.3)
      activesupport (= 2.3.3)
    activeresource (2.3.3)
      activesupport (= 2.3.3)
    activesupport (2.3.3)
    bluecloth (2.0.9)
    mysql (2.8.1)
    rack (1.0.1)
    rails (2.3.3)
      actionmailer (= 2.3.3)
      actionpack (= 2.3.3)
      activerecord (= 2.3.3)
      activeresource (= 2.3.3)
      activesupport (= 2.3.3)
      rake (>= 0.8.3)
    rake (0.8.7)
    rspec (1.3.1)
    rspec-rails (1.3.3)
      rack (>= 1.0.0)
      rspec (= 1.3.1)
    ruby-openid (2.1.8)
    sqlite3-ruby (1.3.1)
    will_paginate (2.3.15)

PLATFORMS
  ruby

DEPENDENCIES
  RedCloth
  bluecloth
  mysql
  rails (= 2.3.3)
  rspec-rails (~> 1.3.0)
  ruby-openid (>= 2.0.4)
  sqlite3-ruby
  will_paginate
